GEM
  remote: http://rubygems.org/
  specs:
    jamming (0.1.1)
      rmagick
    rack (1.2.1)
    rmagick (2.13.1)
    sinatra (1.0)
      rack (>= 1.0)

PLATFORMS
  ruby

DEPENDENCIES
  jamming
  rmagick
  sinatra
